GEM
  remote: https://rubygems.org/
  specs:
    actioncable (5.0.7.2)
      actionpack (= 5.0.7.2)
      nio4r (>= 1.2, < 3.0)
      websocket-driver (~> 0.6.1)
    actionmailer (5.0.7.2)
      actionpack (= 5.0.7.2)
      actionview (= 5.0.7.2)
      activejob (= 5.0.7.2)
      mail (~> 2.5, >= 2.5.4)
      rails-dom-testing (~> 2.0)
    actionpack (5.0.7.2)
      actionview (= 5.0.7.2)
      activesupport (= 5.0.7.2)
      rack (~> 2.0)
      rack-test (~> 0.6.3)
      rails-dom-testing (~> 2.0)
      rails-html-sanitizer (~> 1.0, >= 1.0.2)
    actionview (5.0.7.2)
      activesupport (= 5.0.7.2)
      builder (~> 3.1)
      erubis (~> 2.7.0)
      rails-dom-testing (~> 2.0)
      rails-html-sanitizer (~> 1.0, >= 1.0.3)
    activejob (5.0.7.2)
      activesupport (= 5.0.7.2)
      globalid (>= 0.3.6)
    activemodel (5.0.7.2)
      activesupport (= 5.0.7.2)
    activerecord (5.0.7.2)
      activemodel (= 5.0.7.2)
      activesupport (= 5.0.7.2)
      arel (~> 7.0)
    activesupport (5.0.7.2)
      concurrent-ruby (~> 1.0, >= 1.0.2)
      i18n (>= 0.7, < 2)
      minitest (~> 5.1)
      tzinfo (~> 1.1)
    addressable (2.5.2)
      public_suffix (>= 2.0.2, < 4.0)
    ansi (1.5.0)
    arel (7.1.4)
    builder (3.2.4)
    byebug (10.0.0)
    concurrent-ruby (1.1.5)
    crack (0.4.3)
      safe_yaml (~> 1.0.0)
    crass (1.0.6)
    erubis (2.7.0)
    faraday (0.15.0)
      multipart-post (>= 1.2, < 3)
    gitlab (4.4.0)
      httparty (>= 0.14.0)
      terminal-table (>= 1.5.1)
    globalid (0.4.2)
      activesupport (>= 4.2.0)
    hashdiff (0.3.7)
    httparty (0.16.2)
      multi_xml (>= 0.5.2)
    i18n (1.8.2)
      concurrent-ruby (~> 1.0)
    jbuilder (2.7.0)
      activesupport (>= 4.2.0)
      multi_json (>= 1.2)
    json (1.8.6)
    loofah (2.4.0)
      crass (~> 1.0.2)
      nokogiri (>= 1.5.9)
    mail (2.7.1)
      mini_mime (>= 0.1.1)
    method_source (0.9.2)
    mini_mime (1.0.2)
    mini_portile2 (2.4.0)
    minitest (5.14.0)
    minitest-reporters (1.2.0)
      ansi
      builder
      minitest (>= 5.0)
      ruby-progressbar
    multi_json (1.13.1)
    multi_xml (0.6.0)
    multipart-post (2.0.0)
    nio4r (2.5.2)
    nokogiri (1.10.8)
      mini_portile2 (~> 2.4.0)
    octokit (4.8.0)
      sawyer (~> 0.8.0, >= 0.5.3)
    pg (0.21.0)
    public_suffix (3.0.2)
    puma (4.3.1)
      nio4r (~> 2.0)
    rack (2.1.1)
    rack-test (0.6.3)
      rack (>= 1.0)
    rails (5.0.7.2)
      actioncable (= 5.0.7.2)
      actionmailer (= 5.0.7.2)
      actionpack (= 5.0.7.2)
      actionview (= 5.0.7.2)
      activejob (= 5.0.7.2)
      activemodel (= 5.0.7.2)
      activerecord (= 5.0.7.2)
      activesupport (= 5.0.7.2)
      bundler (>= 1.3.0)
      railties (= 5.0.7.2)
      sprockets-rails (>= 2.0.0)
    rails-dom-testing (2.0.3)
      activesupport (>= 4.2.0)
      nokogiri (>= 1.6)
    rails-html-sanitizer (1.3.0)
      loofah (~> 2.3)
    railties (5.0.7.2)
      actionpack (= 5.0.7.2)
      activesupport (= 5.0.7.2)
      method_source
      rake (>= 0.8.7)
      thor (>= 0.18.1, < 2.0)
    rake (13.0.1)
    rdoc (4.3.0)
    ruby-progressbar (1.9.0)
    safe_yaml (1.0.4)
    sawyer (0.8.1)
      addressable (>= 2.3.5, < 2.6)
      faraday (~> 0.8, < 1.0)
    sdoc (0.4.2)
      json (~> 1.7, >= 1.7.7)
      rdoc (~> 4.0)
    slack-notifier (2.3.2)
    spring (2.0.2)
      activesupport (>= 4.2)
    sprockets (3.7.2)
      concurrent-ruby (~> 1.0)
      rack (> 1, < 3)
    sprockets-rails (3.2.1)
      actionpack (>= 4.0)
      activesupport (>= 4.0)
      sprockets (>= 3.0.0)
    terminal-table (1.8.0)
      unicode-display_width (~> 1.1, >= 1.1.1)
    thor (1.0.1)
    thread_safe (0.3.6)
    tzinfo (1.2.6)
      thread_safe (~> 0.1)
    unicode-display_width (1.4.0)
    vcr (4.0.0)
    webmock (3.3.0)
      addressable (>= 2.3.6)
      crack (>= 0.3.2)
      hashdiff
    websocket-driver (0.6.5)
      websocket-extensions (>= 0.1.0)
    websocket-extensions (0.1.4)

PLATFORMS
  ruby

DEPENDENCIES
  byebug
  gitlab
  jbuilder (~> 2.0)
  minitest-reporters
  octokit
  pg (~> 0.11)
  puma
  rails (~> 5.0.0)
  sdoc (~> 0.4.0)
  slack-notifier
  spring
  vcr
  webmock

RUBY VERSION
   ruby 2.4.9p362

BUNDLED WITH
   2.1.4
